GEM
  remote: https://rubygems.org/
  specs:
    blankslate (2.1.2.4)
    edn (1.0.0)
      parslet (~> 1.4.0)
    parslet (1.4.0)
      blankslate (~> 2.0)
    rack (1.5.2)
    rack-protection (1.5.2)
      rack
    rake (10.1.1)
    sinatra (1.4.4)
      rack (~> 1.4)
      rack-protection (~> 1.4)
      tilt (~> 1.3, >= 1.3.4)
    thor (0.18.1)
    tilt (1.4.1)
    torquebox-configure (3.0.0-java)
      blankslate (= 2.1.2.4)
    torquebox-core (3.0.0-java)
      edn (= 1.0.0)
    torquebox-lite (0.3.1)
      thor (>= 0.14.6)
      torquebox-configure (= 3.0.0)
      torquebox-core (= 3.0.0)
      torquebox-rake-support (= 3.0.0)
      torquebox-web (= 3.0.0)
    torquebox-rake-support (3.0.0)
      rake (>= 0.8.7)
    torquebox-web (3.0.0-java)

PLATFORMS
  java

DEPENDENCIES
  sinatra
  torquebox-lite
